PATH
  remote: .
  specs:
    compare_with_wikidata (0.1.0)
      everypolitician (>= 0.20)
      rest-client (~> 2.0)

GEM
  remote: https://rubygems.org/
  specs:
    ast (2.3.0)
    coderay (1.1.1)
    domain_name (0.5.20170404)
      unf (>= 0.0.5, < 1.0.0)
    everypolitician (0.20.0)
      everypolitician-popolo (>= 0.8.0)
      require_all
    everypolitician-popolo (0.8.0)
      require_all
    http-cookie (1.0.3)
      domain_name (~> 0.5)
    method_source (0.8.2)
    mime-types (3.1)
      mime-types-data (~> 3.2015)
    mime-types-data (3.2016.0521)
    minitest (5.10.2)
    netrc (0.11.0)
    parallel (1.11.2)
    parser (2.4.0.0)
      ast (~> 2.2)
    powerpack (0.1.1)
    pry (0.10.4)
      coderay (~> 1.1.0)
      method_source (~> 0.8.1)
      slop (~> 3.4)
    rainbow (2.2.2)
      rake
    rake (10.5.0)
    require_all (1.4.0)
    rest-client (2.0.2)
      http-cookie (>= 1.0.2, < 2.0)
      mime-types (>= 1.16, < 4.0)
      netrc (~> 0.8)
    rubocop (0.49.1)
      parallel (~> 1.10)
      parser (>= 2.3.3.1, < 3.0)
      powerpack (~> 0.1)
      rainbow (>= 1.99.1, < 3.0)
      ruby-progressbar (~> 1.7)
      unicode-display_width (~> 1.0, >= 1.0.1)
    ruby-progressbar (1.8.1)
    slop (3.6.0)
    unf (0.1.4)
      unf_ext
    unf_ext (0.0.7.4)
    unicode-display_width (1.2.1)

PLATFORMS
  ruby

DEPENDENCIES
  bundler (~> 1.14)
  compare_with_wikidata!
  minitest (~> 5.0)
  pry (~> 0.10)
  rake (~> 10.0)
  rubocop (~> 0.49)

BUNDLED WITH
   1.14.6
